GEM
  remote: http://rubygems.org/
  specs:
    chunky_png (1.2.5)
    compass (0.12.alpha.2)
      chunky_png (~> 1.2)
      fssm (>= 0.2.7)
      sass (~> 3.1)
    compass-colors (0.9.0)
      compass (>= 0.8.7)
    fssm (0.2.7)
    rb-fsevent (0.4.3.1)
    sass (3.1.11)
    sassy-buttons (0.0.7)
      compass (>= 0.11)

PLATFORMS
  ruby

DEPENDENCIES
  compass (>= 0.12.alpha.1)
  compass-colors
  rb-fsevent
  sassy-buttons
