GEM
  remote: http://rubygems.org/
  specs:
    chunky_png (1.2.5)
    compass (0.12.1)
      chunky_png (~> 1.2)
      fssm (>= 0.2.7)
      sass (~> 3.1)
    fssm (0.2.9)
    rb-fsevent (0.9.1)
    sass (3.2.0.alpha.103)
    sassy-buttons (0.1.0)
      compass (>= 0.12.1)
    vendorer (0.1.11)

PLATFORMS
  ruby

DEPENDENCIES
  compass (>= 0.12)
  rb-fsevent
  sass (~> 3.2.0.alpha)
  sassy-buttons
  vendorer
