GEM
  remote: http://rubygems.org/
  specs:
    chunky_png (1.2.5)
    compass (0.12.rc.1)
      chunky_png (~> 1.2)
      fssm (>= 0.2.7)
      sass (~> 3.1)
    compass-colors (0.9.0)
      compass (>= 0.8.7)
    fssm (0.2.8.1)
    rb-fsevent (0.9.0)
    sass (3.1.14)
    sassy-buttons (0.0.9)
      compass (>= 0.11)
    vendorer (0.1.9)

PLATFORMS
  ruby

DEPENDENCIES
  compass (>= 0.12.rc.1)
  compass-colors
  rb-fsevent
  sassy-buttons
  vendorer
